GIT
  remote: https://github.com/hidakatsuya/ruboty-touban.git
  revision: 4a3458bf3bb51278247d20661f1dc97284780882
  specs:
    ruboty-touban (0.1.0)
      google_drive (~> 3.0.7)
      ruboty (>= 1.3.0)

GIT
  remote: https://github.com/kokuyouwind/ruboty-esa.git
  revision: 298b38b334971903dfcdb7dcc96d739f946ac82c
  specs:
    ruboty-esa (0.1.0)
      activesupport
      esa
      ruboty

GIT
  remote: https://github.com/mallowlabs/ruboty-nullpo.git
  revision: 7e1b2c9dc31a9004be1d29ede439ee587401aef9
  specs:
    ruboty-nullpo (0.0.1)
      ruboty

GIT
  remote: https://github.com/mallowlabs/ruboty-redash.git
  revision: 50a7917d0baf32aea5246ff6279393cf538d3ed5
  specs:
    ruboty-redash (0.1.0)
      faraday
      ruboty

GIT
  remote: https://github.com/mallowlabs/ruboty-zoi.git
  revision: 55c8b41c8ea3900be6c355dab9ed6f4515543547
  specs:
    ruboty-zoi (0.0.1)
      ruboty

GIT
  remote: https://github.com/mzp/ruboty-misawa.git
  revision: 5b39a2f03fa13b45804f8415352c2eaa5732152d
  specs:
    ruboty-misawa (0.0.1)
      ruboty

GIT
  remote: https://github.com/mzp/ruboty-shinchoku.git
  revision: 26fbdafb65be8127154f6a81a6319d7ae7898ac2
  specs:
    ruboty-shinchoku (0.1.0)
      ruboty

GIT
  remote: https://github.com/mzp/ruboty-wei.git
  revision: 9bb8a244a6b16c641ce210001d94ca5c54e93c9c
  specs:
    ruboty-wei (0.0.1)
      ruboty

GIT
  remote: https://github.com/shimomura1004/ruboty-balloon.git
  revision: 988df2cab5e0120adb6afc35315da20fb94deab3
  specs:
    ruboty-balloon (0.0.1)
      ruboty

GIT
  remote: https://github.com/standfirm/ruboty-cloudfront.git
  revision: 154c252d81e1df30ffc0c1701b83943a32987136
  branch: fix-distribution-not-found
  specs:
    ruboty-cloudfront (0.1.0)
      aws-sdk (~> 2.0)
      ruboty

GIT
  remote: https://github.com/standfirm/ruboty-github.git
  revision: 3e68bcabe1e9daa16b771199c1253b6a49648ea7
  specs:
    ruboty-github (0.1.0)
      activesupport
      octokit
      ruboty

GIT
  remote: https://github.com/standfirm/ruboty-health_check.git
  revision: fd2e2fbb3a82ccb169b7aa9753b7e17ce6a1b883
  specs:
    ruboty-health_check (0.0.1)
      ruboty

GIT
  remote: https://github.com/standfirm/ruboty-sorena.git
  revision: 8ced8973c8427e9f678dfe92aeaace6f9f2d4537
  specs:
    ruboty-sorena (0.0.2)
      dotenv
      ruboty

GIT
  remote: https://github.com/standfirm/ruboty-timeline.git
  revision: 7786abaf1f30b20562d4e22383b4689e8d83c578
  branch: use-uri_open
  specs:
    ruboty-timeline (0.1.0)
      ruboty
      slack-notifier

GIT
  remote: https://github.com/standfirm/slack-ruby-gem.git
  revision: 72e3b059e11e6c9e7f7ce2ee29e717751fa3ad58
  branch: workround-faye-websocket-security-issue
  specs:
    slack-api (1.6.1)
      faraday (~> 0.11)
      faraday_middleware (~> 0.10.0)
      faye-websocket (~> 0.11.1)
      multi_json (~> 1.0, >= 1.0.3)

GEM
  remote: https://rubygems.org/
  specs:
    activesupport (7.0.7.2)
      concurrent-ruby (~> 1.0, >= 1.0.2)
      i18n (>= 1.6, < 2)
      minitest (>= 5.1)
      tzinfo (~> 2.0)
    addressable (2.8.0)
      public_suffix (>= 2.0.2, < 5.0)
    aws-eventstream (1.2.0)
    aws-sdk (2.11.632)
      aws-sdk-resources (= 2.11.632)
    aws-sdk-core (2.11.632)
      aws-sigv4 (~> 1.0)
      jmespath (~> 1.0)
    aws-sdk-resources (2.11.632)
      aws-sdk-core (= 2.11.632)
    aws-sigv4 (1.4.0)
      aws-eventstream (~> 1, >= 1.0.2)
    chrono (0.4.0)
      activesupport
    concurrent-ruby (1.2.2)
    connection_pool (2.4.1)
    declarative (0.0.20)
    dotenv (2.7.6)
    esa (1.14.0)
      faraday (~> 0.9)
      faraday_middleware
      mime-types (>= 2.6)
      multi_xml (>= 0.5.5)
    event_emitter (0.2.6)
    eventmachine (1.2.7)
    faraday (0.17.4)
      multipart-post (>= 1.2, < 3)
    faraday_middleware (0.10.1)
      faraday (>= 0.7.4, < 1.0)
    faye-websocket (0.11.1)
      eventmachine (>= 0.12.0)
      websocket-driver (>= 0.5.1)
    foreman (0.85.0)
      thor (~> 0.19.1)
    google-api-client (0.52.0)
      addressable (~> 2.5, >= 2.5.1)
      googleauth (~> 0.9)
      httpclient (>= 2.8.1, < 3.0)
      mini_mime (~> 1.0)
      representable (~> 3.0)
      retriable (>= 2.0, < 4.0)
      rexml
      signet (~> 0.12)
    google-apis-core (0.4.1)
      addressable (~> 2.5, >= 2.5.1)
      googleauth (>= 0.16.2, < 2.a)
      httpclient (>= 2.8.1, < 3.a)
      mini_mime (~> 1.0)
      representable (~> 3.0)
      retriable (>= 2.0, < 4.a)
      rexml
      webrick
    google-apis-drive_v3 (0.13.0)
      google-apis-core (>= 0.4, < 2.a)
    google-apis-sheets_v4 (0.9.0)
      google-apis-core (>= 0.4, < 2.a)
    google_drive (3.0.7)
      google-apis-drive_v3 (>= 0.5.0, < 1.0.0)
      google-apis-sheets_v4 (>= 0.4.0, < 1.0.0)
      googleauth (>= 0.5.0, < 1.0.0)
      nokogiri (>= 1.5.3, < 2.0.0)
    googleauth (0.17.1)
      faraday (>= 0.17.3, < 2.0)
      jwt (>= 1.4, < 3.0)
      memoist (~> 0.16)
      multi_json (~> 1.11)
      os (>= 0.9, < 2.0)
      signet (~> 0.15)
    httpclient (2.8.3)
    i18n (1.14.1)
      concurrent-ruby (~> 1.0)
    jmespath (1.6.1)
    jwt (2.2.3)
    mem (0.1.5)
    memoist (0.16.2)
    mime-types (3.3)
      mime-types-data (~> 3.2015)
    mime-types-data (3.2019.1009)
    mini_mime (1.1.1)
    mini_portile2 (2.8.1)
    minitest (5.19.0)
    multi_json (1.15.0)
    multi_xml (0.6.0)
    multipart-post (2.1.1)
    nokogiri (1.14.3)
      mini_portile2 (~> 2.8.0)
      racc (~> 1.4)
    octokit (4.20.0)
      faraday (>= 0.9)
      sawyer (~> 0.8.0, >= 0.5.3)
    os (1.1.1)
    public_suffix (4.0.6)
    racc (1.6.2)
    redis (5.3.0)
      redis-client (>= 0.22.0)
    redis-client (0.22.2)
      connection_pool
    redis-namespace (1.6.0)
      redis (>= 3.0.4)
    representable (3.1.1)
      declarative (< 0.1.0)
      trailblazer-option (>= 0.1.1, < 0.2.0)
      uber (< 0.2.0)
    retriable (3.1.2)
    rexml (3.2.5)
    ruboty (1.3.1)
      activesupport
      bundler
      dotenv
      mem
      slop
    ruboty-alias (0.0.8)
      ruboty (>= 1.1.1)
    ruboty-callng (1.1.1)
      ruboty
      twilio-ruby
    ruboty-cron (1.1.0)
      activesupport
      chrono
      ruboty (>= 0.2.0)
    ruboty-echo (0.1.1)
      ruboty
    ruboty-lgtm (0.0.3)
      faraday
      faraday_middleware
      ruboty
    ruboty-redis (0.0.6)
      redis
      redis-namespace
      ruboty
    ruboty-replace (0.0.1)
      ruboty
    ruboty-slack_rtm (3.2.5)
      faraday (~> 0.11)
      ruboty (>= 1.1.4)
      slack-api (~> 1.6)
      websocket-client-simple (>= 0.5.0)
    sawyer (0.8.2)
      addressable (>= 2.3.5)
      faraday (> 0.8, < 2.0)
    signet (0.16.0)
      addressable (~> 2.8)
      faraday (>= 0.17.3, < 2.0)
      jwt (>= 1.5, < 3.0)
      multi_json (~> 1.10)
    slack-notifier (2.4.0)
    slop (4.9.1)
    thor (0.19.4)
    trailblazer-option (0.1.1)
    twilio-ruby (5.10.5)
      faraday (~> 0.9)
      jwt (>= 1.5, <= 2.5)
      nokogiri (>= 1.6, < 2.0)
    tzinfo (2.0.6)
      concurrent-ruby (~> 1.0)
    uber (0.1.0)
    webrick (1.7.0)
    websocket (1.2.10)
    websocket-client-simple (0.8.0)
      event_emitter
      websocket
    websocket-driver (0.7.5)
      websocket-extensions (>= 0.1.0)
    websocket-extensions (0.1.5)
    xrc (0.1.8)
      activesupport

PLATFORMS
  ruby

DEPENDENCIES
  foreman
  google-api-client
  google_drive
  googleauth
  ruboty
  ruboty-alias
  ruboty-balloon!
  ruboty-callng
  ruboty-cloudfront!
  ruboty-cron
  ruboty-echo
  ruboty-esa!
  ruboty-github!
  ruboty-health_check!
  ruboty-lgtm
  ruboty-misawa!
  ruboty-nullpo!
  ruboty-redash!
  ruboty-redis
  ruboty-replace
  ruboty-shinchoku!
  ruboty-slack_rtm
  ruboty-sorena!
  ruboty-timeline!
  ruboty-touban!
  ruboty-wei!
  ruboty-zoi!
  slack-api!
  xrc

RUBY VERSION
   ruby 2.7.8p225

BUNDLED WITH
   2.2.27
