GIT
  remote: git://github.com/eitoball/ruboty-hatebu_total_count.git
  revision: 43e7d849d43c5a0a541eae0301e94a86511c8314
  specs:
    ruboty-hatebu_total_count (0.1.0)
      ruboty

GIT
  remote: git://github.com/mallowlabs/ruboty-nullpo.git
  revision: 7e1b2c9dc31a9004be1d29ede439ee587401aef9
  specs:
    ruboty-nullpo (0.0.1)
      ruboty

GIT
  remote: git://github.com/mallowlabs/ruboty-sorena.git
  revision: a111a97432de7773993f771e3b8cc01bce34943b
  specs:
    ruboty-sorena (0.0.1)
      ruboty

GIT
  remote: git://github.com/mallowlabs/ruboty-zoi.git
  revision: 55c8b41c8ea3900be6c355dab9ed6f4515543547
  specs:
    ruboty-zoi (0.0.1)
      ruboty

GIT
  remote: git://github.com/mzp/ruboty-aws.git
  revision: fbf435e7cb270436af630a163c09ffbc2e3cd996
  specs:
    ruboty-aws (0.0.1)
      aws-sdk
      ruboty

GIT
  remote: git://github.com/mzp/ruboty-google_spreadsheet.git
  revision: 9d8086a627349b5a44d1fe4dbdea0b0d1b8ebf80
  specs:
    ruboty-google_spreadsheet (0.1.2)
      google_drive
      ruboty

GIT
  remote: git://github.com/mzp/ruboty-growthforecast.git
  revision: 84f68fa03b674065eed3fa2525727b470fc999e6
  specs:
    ruboty-growthforecast (0.1.0)
      growthforecast
      ruboty

GIT
  remote: git://github.com/mzp/ruboty-misawa.git
  revision: bb64635a99441087a956e8ede162210e2d059847
  specs:
    ruboty-misawa (0.0.1)

GIT
  remote: git://github.com/mzp/ruboty-shinchoku.git
  revision: 26fbdafb65be8127154f6a81a6319d7ae7898ac2
  specs:
    ruboty-shinchoku (0.1.0)
      ruboty

GIT
  remote: git://github.com/mzp/ruboty-wei.git
  revision: 9bb8a244a6b16c641ce210001d94ca5c54e93c9c
  specs:
    ruboty-wei (0.0.1)
      ruboty

GIT
  remote: git://github.com/shimomura1004/ruboty-balloon.git
  revision: 988df2cab5e0120adb6afc35315da20fb94deab3
  specs:
    ruboty-balloon (0.0.1)
      ruboty

GIT
  remote: git://github.com/standfirm/ruboty-github.git
  revision: 5efbfc0a870c2123c08067e08870956d157c605c
  specs:
    ruboty-github (0.1.0)
      activesupport
      octokit
      ruboty

GIT
  remote: git://github.com/standfirm/ruboty-health_check.git
  revision: e227bf704cc9470fddcb54802f3a69043738dbba
  specs:
    ruboty-health_check (0.0.1)
      ruboty

GIT
  remote: git://github.com/standfirm/ruboty-trello_quote.git
  revision: d5750783f870afca6b0fee04e7b5eed95f8ac99c
  specs:
    ruboty-trello_quote (0.0.1)
      ruboty
      ruby-trello

GEM
  remote: https://rubygems.org/
  specs:
    activemodel (4.2.1)
      activesupport (= 4.2.1)
      builder (~> 3.1)
    activesupport (4.2.1)
      i18n (~> 0.7)
      json (~> 1.7, >= 1.7.7)
      minitest (~> 5.1)
      thread_safe (~> 0.3, >= 0.3.4)
      tzinfo (~> 1.1)
    addressable (2.3.8)
    autoparse (0.3.3)
      addressable (>= 2.3.1)
      extlib (>= 0.9.15)
      multi_json (>= 1.0.0)
    aws-sdk (2.0.44)
      aws-sdk-resources (= 2.0.44)
    aws-sdk-core (2.0.44)
      builder (~> 3.0)
      jmespath (~> 1.0)
      multi_json (~> 1.0)
    aws-sdk-resources (2.0.44)
      aws-sdk-core (= 2.0.44)
    builder (3.2.2)
    chrono (0.0.6)
      activesupport
    dotenv (2.0.2)
    extlib (0.9.16)
    faraday (0.9.1)
      multipart-post (>= 1.2, < 3)
    faraday_middleware (0.9.1)
      faraday (>= 0.7.4, < 0.10)
    foreman (0.78.0)
      thor (~> 0.19.1)
    google-api-client (0.8.6)
      activesupport (>= 3.2)
      addressable (~> 2.3)
      autoparse (~> 0.3)
      extlib (~> 0.9)
      faraday (~> 0.9)
      googleauth (~> 0.3)
      launchy (~> 2.4)
      multi_json (~> 1.10)
      retriable (~> 1.4)
      signet (~> 0.6)
    google_drive (1.0.1)
      google-api-client (>= 0.7.0)
      nokogiri (>= 1.4.4, != 1.5.2, != 1.5.1)
      oauth (>= 0.3.6)
      oauth2 (>= 0.5.0)
    googleauth (0.4.1)
      faraday (~> 0.9)
      jwt (~> 1.4)
      logging (~> 2.0)
      memoist (~> 0.12)
      multi_json (= 1.11)
      signet (~> 0.6)
    growthforecast (0.0.4)
      resolve-hostname
    i18n (0.7.0)
    jmespath (1.0.2)
      multi_json (~> 1.0)
    json (1.8.3)
    jwt (1.5.0)
    launchy (2.4.3)
      addressable (~> 2.3)
    little-plugger (1.1.3)
    logging (2.0.0)
      little-plugger (~> 1.1)
      multi_json (~> 1.10)
    mem (0.1.5)
    memoist (0.12.0)
    mime-types (2.4.3)
    mini_portile (0.6.2)
    minitest (5.7.0)
    multi_json (1.11.0)
    multi_xml (0.5.5)
    multipart-post (2.0.0)
    netrc (0.10.3)
    nokogiri (1.6.6.2)
      mini_portile (~> 0.6.0)
    oauth (0.4.7)
    oauth2 (1.0.0)
      faraday (>= 0.8, < 0.10)
      jwt (~> 1.0)
      multi_json (~> 1.3)
      multi_xml (~> 0.5)
      rack (~> 1.2)
    octokit (3.8.0)
      sawyer (~> 0.6.0, >= 0.5.3)
    rack (1.6.1)
    redis (3.2.1)
    redis-namespace (1.5.2)
      redis (~> 3.0, >= 3.0.4)
    resolve-hostname (0.0.4)
    rest-client (1.7.3)
      mime-types (>= 1.16, < 3.0)
      netrc (~> 0.7)
    retriable (1.4.1)
    ruboty (1.2.2)
      activesupport
      bundler
      dotenv
      mem
      slop
    ruboty-alias (0.0.7)
      ruboty (>= 1.1.1)
    ruboty-call (1.0.0)
      ruboty
      twilio-ruby
    ruboty-cron (1.0.0)
      activesupport
      chrono
      ruboty (>= 0.2.0)
    ruboty-echo (0.1.0)
      ruboty
    ruboty-google_image (0.0.7)
      faraday
      faraday_middleware
      ruboty
    ruboty-lgtm (0.0.3)
      faraday
      faraday_middleware
      ruboty
    ruboty-redis (0.0.5)
      redis
      redis-namespace
      ruboty
    ruboty-replace (0.0.1)
      ruboty
    ruboty-slack (0.1.10)
      ruboty (>= 1.0.4)
      xrc (>= 0.1.8)
    ruby-trello (1.2.1)
      activemodel (>= 3.2.0)
      addressable (~> 2.3)
      json
      oauth (~> 0.4.5)
      rest-client (~> 1.7.2)
    sawyer (0.6.0)
      addressable (~> 2.3.5)
      faraday (~> 0.8, < 0.10)
    signet (0.6.0)
      addressable (~> 2.3)
      extlib (~> 0.9)
      faraday (~> 0.9)
      jwt (~> 1.0)
      multi_json (~> 1.10)
    slop (4.2.0)
    thor (0.19.1)
    thread_safe (0.3.5)
    twilio-ruby (3.16.1)
      builder (>= 2.1.2)
      jwt (~> 1.0)
      multi_json (>= 1.3.0)
    tzinfo (1.2.2)
      thread_safe (~> 0.1)
    xrc (0.1.8)
      activesupport

PLATFORMS
  ruby

DEPENDENCIES
  foreman
  ruboty
  ruboty-alias
  ruboty-aws!
  ruboty-balloon!
  ruboty-call
  ruboty-cron
  ruboty-echo
  ruboty-github!
  ruboty-google_image
  ruboty-google_spreadsheet!
  ruboty-growthforecast!
  ruboty-hatebu_total_count!
  ruboty-health_check!
  ruboty-lgtm
  ruboty-misawa!
  ruboty-nullpo!
  ruboty-redis
  ruboty-replace
  ruboty-shinchoku!
  ruboty-slack
  ruboty-sorena!
  ruboty-trello_quote!
  ruboty-wei!
  ruboty-zoi!

BUNDLED WITH
   1.10.5
