GIT
  remote: git://github.com/mallowlabs/ruboty-nullpo.git
  revision: 7e1b2c9dc31a9004be1d29ede439ee587401aef9
  specs:
    ruboty-nullpo (0.0.1)
      ruboty

GIT
  remote: git://github.com/mallowlabs/ruboty-sorena.git
  revision: a111a97432de7773993f771e3b8cc01bce34943b
  specs:
    ruboty-sorena (0.0.1)
      ruboty

GIT
  remote: git://github.com/mallowlabs/ruboty-zoi.git
  revision: 55c8b41c8ea3900be6c355dab9ed6f4515543547
  specs:
    ruboty-zoi (0.0.1)
      ruboty

GIT
  remote: git://github.com/mzp/ruboty-growthforecast.git
  revision: 84f68fa03b674065eed3fa2525727b470fc999e6
  specs:
    ruboty-growthforecast (0.1.0)
      growthforecast
      ruboty

GIT
  remote: git://github.com/mzp/ruboty-misawa.git
  revision: bb64635a99441087a956e8ede162210e2d059847
  specs:
    ruboty-misawa (0.0.1)

GIT
  remote: git://github.com/mzp/ruboty-shinchoku.git
  revision: 26fbdafb65be8127154f6a81a6319d7ae7898ac2
  specs:
    ruboty-shinchoku (0.1.0)
      ruboty

GIT
  remote: git://github.com/mzp/ruboty-wei.git
  revision: 9bb8a244a6b16c641ce210001d94ca5c54e93c9c
  specs:
    ruboty-wei (0.0.1)
      ruboty

GIT
  remote: git://github.com/shimomura1004/ruboty-balloon.git
  revision: 988df2cab5e0120adb6afc35315da20fb94deab3
  specs:
    ruboty-balloon (0.0.1)
      ruboty

GIT
  remote: git://github.com/standfirm/ruboty-github.git
  revision: 68a1440ff1a4d42cdba599c4fda5c6679ef4bd92
  specs:
    ruboty-github (0.1.0)
      activesupport
      octokit
      ruboty

GEM
  remote: https://rubygems.org/
  specs:
    activesupport (4.2.1)
      i18n (~> 0.7)
      json (~> 1.7, >= 1.7.7)
      minitest (~> 5.1)
      thread_safe (~> 0.3, >= 0.3.4)
      tzinfo (~> 1.1)
    addressable (2.3.8)
    builder (3.2.2)
    chrono (0.0.6)
      activesupport
    dotenv (2.0.1)
    faraday (0.9.1)
      multipart-post (>= 1.2, < 3)
    faraday_middleware (0.9.1)
      faraday (>= 0.7.4, < 0.10)
    foreman (0.78.0)
      thor (~> 0.19.1)
    growthforecast (0.0.4)
      resolve-hostname
    i18n (0.7.0)
    json (1.8.2)
    jwt (1.4.1)
    mem (0.1.5)
    minitest (5.6.0)
    multi_json (1.11.0)
    multipart-post (2.0.0)
    octokit (3.8.0)
      sawyer (~> 0.6.0, >= 0.5.3)
    redis (3.2.1)
    redis-namespace (1.5.2)
      redis (~> 3.0, >= 3.0.4)
    resolve-hostname (0.0.4)
    ruboty (1.2.2)
      activesupport
      bundler
      dotenv
      mem
      slop
    ruboty-alias (0.0.7)
      ruboty (>= 1.1.1)
    ruboty-call (1.0.0)
      ruboty
      twilio-ruby
    ruboty-cron (1.0.0)
      activesupport
      chrono
      ruboty (>= 0.2.0)
    ruboty-echo (0.1.0)
      ruboty
    ruboty-google_image (0.0.7)
      faraday
      faraday_middleware
      ruboty
    ruboty-lgtm (0.0.3)
      faraday
      faraday_middleware
      ruboty
    ruboty-redis (0.0.5)
      redis
      redis-namespace
      ruboty
    ruboty-slack (0.1.7)
      ruboty (>= 1.0.4)
      xrc (>= 0.0.6)
    sawyer (0.6.0)
      addressable (~> 2.3.5)
      faraday (~> 0.8, < 0.10)
    slop (4.1.0)
    thor (0.19.1)
    thread_safe (0.3.5)
    twilio-ruby (3.16.1)
      builder (>= 2.1.2)
      jwt (~> 1.0)
      multi_json (>= 1.3.0)
    tzinfo (1.2.2)
      thread_safe (~> 0.1)
    xrc (0.1.5)
      activesupport

PLATFORMS
  ruby

DEPENDENCIES
  foreman
  ruboty
  ruboty-alias
  ruboty-balloon!
  ruboty-call
  ruboty-cron
  ruboty-echo
  ruboty-github!
  ruboty-google_image
  ruboty-growthforecast!
  ruboty-lgtm
  ruboty-misawa!
  ruboty-nullpo!
  ruboty-redis
  ruboty-shinchoku!
  ruboty-slack
  ruboty-sorena!
  ruboty-wei!
  ruboty-zoi!
