GIT
  remote: git://github.com/mallowlabs/ruboty-nullpo.git
  revision: 717e09dba8a2f421e07ee7b489233381fb9cb189
  specs:
    ruboty-nullpo (0.0.1)
      ruboty

GIT
  remote: git://github.com/mallowlabs/ruboty-zoi.git
  revision: 55c8b41c8ea3900be6c355dab9ed6f4515543547
  specs:
    ruboty-zoi (0.0.1)
      ruboty

GIT
  remote: git://github.com/moro/tokiyomi.git
  revision: ee664b481ce5661781880499159e3875f6e0707e
  specs:
    tokiyomi (0.1.0)
      activesupport

GIT
  remote: git://github.com/mzp/ruboty-misawa.git
  revision: bb64635a99441087a956e8ede162210e2d059847
  specs:
    ruboty-misawa (0.0.1)

GIT
  remote: git://github.com/shimomura1004/ruboty-balloon.git
  revision: 988df2cab5e0120adb6afc35315da20fb94deab3
  specs:
    ruboty-balloon (0.0.1)
      ruboty

GEM
  remote: https://rubygems.org/
  specs:
    activesupport (4.1.4)
      i18n (~> 0.6, >= 0.6.9)
      json (~> 1.7, >= 1.7.7)
      minitest (~> 5.1)
      thread_safe (~> 0.1)
      tzinfo (~> 1.1)
    chrono (0.0.4)
      activesupport
    dotenv (0.11.1)
      dotenv-deployment (~> 0.0.2)
    dotenv-deployment (0.0.2)
    faraday (0.9.0)
      multipart-post (>= 1.2, < 3)
    faraday_middleware (0.9.1)
      faraday (>= 0.7.4, < 0.10)
    foreman (0.74.0)
      dotenv (~> 0.11.1)
      thor (~> 0.19.1)
    hashie (3.2.0)
    i18n (0.6.11)
    json (1.8.1)
    mem (0.1.5)
    minitest (5.4.0)
    multi_xml (0.5.5)
    multipart-post (2.0.0)
    redis (3.1.0)
    redis-namespace (1.5.0)
      redis (~> 3.0, >= 3.0.4)
    ruboty (1.0.3)
      activesupport
      bundler
      dotenv
      mem
      slop
    ruboty-cron (0.0.9)
      activesupport
      chrono
      ruboty (>= 0.2.0)
    ruboty-google_image (0.0.7)
      faraday
      faraday_middleware
      ruboty
    ruboty-kintai (1.0.1)
      activesupport
      ruboty
      tokiyomi
    ruboty-lgtm (0.0.3)
      faraday
      faraday_middleware
      ruboty
    ruboty-redis (0.0.4)
      redis
      redis-namespace
      ruboty
    ruboty-slack (0.1.6)
      ruboty
      xrc (>= 0.0.6)
    ruboty-syoboi_calendar (0.0.5)
      activesupport
      ruboty
      syoboi_calendar (= 0.3.1)
    slop (3.6.0)
    syoboi_calendar (0.3.1)
      activesupport
      faraday
      faraday_middleware
      hashie
      multi_xml
    thor (0.19.1)
    thread_safe (0.3.4)
    tzinfo (1.2.2)
      thread_safe (~> 0.1)
    xrc (0.1.4)
      activesupport

PLATFORMS
  ruby

DEPENDENCIES
  foreman
  ruboty
  ruboty-balloon!
  ruboty-cron
  ruboty-google_image
  ruboty-kintai
  ruboty-lgtm
  ruboty-misawa!
  ruboty-nullpo!
  ruboty-redis
  ruboty-slack
  ruboty-syoboi_calendar
  ruboty-zoi!
  tokiyomi!
