GIT
  remote: https://github.com/hidakatsuya/ruboty-dictionary.git
  revision: 5e9d63a4fdd5f64f8fb05d4c64bc7f4dcbd0bbdb
  specs:
    ruboty-dictionary (0.1.0)
      google_drive (~> 1.0.6)
      ruboty (>= 1.3.0)

GIT
  remote: https://github.com/hidakatsuya/ruboty-touban.git
  revision: 26fa2d5f937381b8f182dc7b8ba519359b631afe
  specs:
    ruboty-touban (0.1.0)
      google_drive (~> 1.0.6)
      ruboty (>= 1.3.0)

GIT
  remote: https://github.com/kokuyouwind/ruboty-esa.git
  revision: 298b38b334971903dfcdb7dcc96d739f946ac82c
  specs:
    ruboty-esa (0.1.0)
      activesupport
      esa
      ruboty

GIT
  remote: https://github.com/mallowlabs/ruboty-nullpo.git
  revision: 7e1b2c9dc31a9004be1d29ede439ee587401aef9
  specs:
    ruboty-nullpo (0.0.1)
      ruboty

GIT
  remote: https://github.com/mallowlabs/ruboty-redash.git
  revision: 4c343847afadbbb6780408ac001e7c32746baf1a
  specs:
    ruboty-redash (0.1.0)
      faraday
      ruboty

GIT
  remote: https://github.com/mallowlabs/ruboty-zoi.git
  revision: 55c8b41c8ea3900be6c355dab9ed6f4515543547
  specs:
    ruboty-zoi (0.0.1)
      ruboty

GIT
  remote: https://github.com/mzp/ruboty-growthforecast.git
  revision: 6c021a2c3f5f87d7f948f2465c7723cde0c37fc3
  specs:
    ruboty-growthforecast (0.1.0)
      growthforecast
      ruboty

GIT
  remote: https://github.com/mzp/ruboty-misawa.git
  revision: 5b39a2f03fa13b45804f8415352c2eaa5732152d
  specs:
    ruboty-misawa (0.0.1)
      ruboty

GIT
  remote: https://github.com/mzp/ruboty-shinchoku.git
  revision: 26fbdafb65be8127154f6a81a6319d7ae7898ac2
  specs:
    ruboty-shinchoku (0.1.0)
      ruboty

GIT
  remote: https://github.com/mzp/ruboty-timeline.git
  revision: 519e8e2e432ca4d7b7420ce05afc2de035bdcf73
  specs:
    ruboty-timeline (0.1.0)
      ruboty
      slack-notifier

GIT
  remote: https://github.com/mzp/ruboty-trello_cleaner.git
  revision: 2abc4afb0a215b965e424a76c33b2ec8e8990f46
  specs:
    ruboty-trello_cleaner (0.1.0)
      activemodel (= 4.2.10)
      ruboty
      ruby-trello

GIT
  remote: https://github.com/mzp/ruboty-wei.git
  revision: 9bb8a244a6b16c641ce210001d94ca5c54e93c9c
  specs:
    ruboty-wei (0.0.1)
      ruboty

GIT
  remote: https://github.com/shimomura1004/ruboty-balloon.git
  revision: 988df2cab5e0120adb6afc35315da20fb94deab3
  specs:
    ruboty-balloon (0.0.1)
      ruboty

GIT
  remote: https://github.com/standfirm/ruboty-github.git
  revision: 3e68bcabe1e9daa16b771199c1253b6a49648ea7
  specs:
    ruboty-github (0.1.0)
      activesupport
      octokit
      ruboty

GIT
  remote: https://github.com/standfirm/ruboty-health_check.git
  revision: fd2e2fbb3a82ccb169b7aa9753b7e17ce6a1b883
  specs:
    ruboty-health_check (0.0.1)
      ruboty

GIT
  remote: https://github.com/standfirm/ruboty-sorena.git
  revision: 8ced8973c8427e9f678dfe92aeaace6f9f2d4537
  specs:
    ruboty-sorena (0.0.2)
      dotenv
      ruboty

GIT
  remote: https://github.com/standfirm/ruboty-yaminoma.git
  revision: 2fed305eb604b6e6a1e90fbbe7bdafdd00d5825b
  specs:
    ruboty-yaminoma (0.1.7)
      dotenv
      pry
      ruboty
      ruboty-slack_rtm

GIT
  remote: https://github.com/standfirm/ruboty-yasumimasu.git
  revision: 2fa35462e228a2bfd374726a05cc24c6e065b00a
  specs:
    ruboty-yasumimasu (0.1.0)
      dotenv
      google-api-client (~> 0.8.0)
      google_drive
      pry
      ruboty

GEM
  remote: https://rubygems.org/
  specs:
    activemodel (4.2.10)
      activesupport (= 4.2.10)
      builder (~> 3.1)
    activesupport (4.2.10)
      i18n (~> 0.7)
      minitest (~> 5.1)
      thread_safe (~> 0.3, >= 0.3.4)
      tzinfo (~> 1.1)
    addressable (2.7.0)
      public_suffix (>= 2.0.2, < 5.0)
    autoparse (0.3.3)
      addressable (>= 2.3.1)
      extlib (>= 0.9.15)
      multi_json (>= 1.0.0)
    aws-eventstream (1.0.3)
    aws-sdk (2.11.296)
      aws-sdk-resources (= 2.11.296)
    aws-sdk-core (2.11.296)
      aws-sigv4 (~> 1.0)
      jmespath (~> 1.0)
    aws-sdk-resources (2.11.296)
      aws-sdk-core (= 2.11.296)
    aws-sigv4 (1.1.0)
      aws-eventstream (~> 1.0, >= 1.0.2)
    builder (3.2.3)
    chrono (0.4.0)
      activesupport
    coderay (1.1.2)
    concurrent-ruby (1.1.7)
    domain_name (0.5.20190701)
      unf (>= 0.0.5, < 1.0.0)
    dotenv (2.7.6)
    esa (1.14.0)
      faraday (~> 0.9)
      faraday_middleware
      mime-types (>= 2.6)
      multi_xml (>= 0.5.5)
    event_emitter (0.2.6)
    eventmachine (1.2.7)
    extlib (0.9.16)
    faraday (0.17.3)
      multipart-post (>= 1.2, < 3)
    faraday_middleware (0.10.1)
      faraday (>= 0.7.4, < 1.0)
    faye-websocket (0.10.9)
      eventmachine (>= 0.12.0)
      websocket-driver (>= 0.5.1)
    foreman (0.85.0)
      thor (~> 0.19.1)
    google-api-client (0.8.6)
      activesupport (>= 3.2)
      addressable (~> 2.3)
      autoparse (~> 0.3)
      extlib (~> 0.9)
      faraday (~> 0.9)
      googleauth (~> 0.3)
      launchy (~> 2.4)
      multi_json (~> 1.10)
      retriable (~> 1.4)
      signet (~> 0.6)
    google_drive (1.0.6)
      google-api-client (>= 0.7.0, < 0.9)
      nokogiri (>= 1.4.4, != 1.5.2, != 1.5.1)
      oauth (>= 0.3.6)
      oauth2 (>= 0.5.0)
    googleauth (0.6.2)
      faraday (~> 0.12)
      jwt (>= 1.4, < 3.0)
      logging (~> 2.0)
      memoist (~> 0.12)
      multi_json (~> 1.11)
      os (~> 0.9)
      signet (~> 0.7)
    growthforecast (0.0.5)
      resolve-hostname
    http-accept (1.7.0)
    http-cookie (1.0.3)
      domain_name (~> 0.5)
    i18n (0.9.5)
      concurrent-ruby (~> 1.0)
    jmespath (1.4.0)
    json (2.3.1)
    jwt (2.1.0)
    launchy (2.4.3)
      addressable (~> 2.3)
    little-plugger (1.1.4)
    logging (2.2.2)
      little-plugger (~> 1.1)
      multi_json (~> 1.10)
    mem (0.1.5)
    memoist (0.16.0)
    method_source (0.9.2)
    mime-types (3.3)
      mime-types-data (~> 3.2015)
    mime-types-data (3.2019.1009)
    mini_portile2 (2.4.0)
    minitest (5.14.3)
    multi_json (1.14.1)
    multi_xml (0.6.0)
    multipart-post (2.1.1)
    netrc (0.11.0)
    nokogiri (1.10.10)
      mini_portile2 (~> 2.4.0)
    oauth (0.5.4)
    oauth2 (1.4.4)
      faraday (>= 0.8, < 2.0)
      jwt (>= 1.0, < 3.0)
      multi_json (~> 1.3)
      multi_xml (~> 0.5)
      rack (>= 1.2, < 3)
    octokit (4.20.0)
      faraday (>= 0.9)
      sawyer (~> 0.8.0, >= 0.5.3)
    os (0.9.6)
    pry (0.12.2)
      coderay (~> 1.1.0)
      method_source (~> 0.9.0)
    public_suffix (4.0.6)
    rack (2.2.3)
    redis (4.0.1)
    redis-namespace (1.6.0)
      redis (>= 3.0.4)
    resolve-hostname (0.1.0)
    rest-client (2.1.0)
      http-accept (>= 1.7.0, < 2.0)
      http-cookie (>= 1.0.2, < 2.0)
      mime-types (>= 1.16, < 4.0)
      netrc (~> 0.8)
    retriable (1.4.1)
    ruboty (1.3.1)
      activesupport
      bundler
      dotenv
      mem
      slop
    ruboty-alias (0.0.8)
      ruboty (>= 1.1.1)
    ruboty-callng (1.1.1)
      ruboty
      twilio-ruby
    ruboty-cloudfront (0.1.0)
      aws-sdk (~> 2.0)
      ruboty
    ruboty-cron (1.1.0)
      activesupport
      chrono
      ruboty (>= 0.2.0)
    ruboty-echo (0.1.1)
      ruboty
    ruboty-google_image (0.1.0)
      faraday
      faraday_middleware
      ruboty
    ruboty-lgtm (0.0.3)
      faraday
      faraday_middleware
      ruboty
    ruboty-redis (0.0.6)
      redis
      redis-namespace
      ruboty
    ruboty-replace (0.0.1)
      ruboty
    ruboty-slack_rtm (3.2.1)
      faraday (~> 0.11)
      ruboty (>= 1.1.4)
      slack-api (~> 1.6)
      websocket-client-simple (~> 0.3.0)
    ruby-trello (2.1.0)
      activemodel (>= 3.2.0)
      addressable (~> 2.3)
      json
      oauth (>= 0.4.5)
      rest-client (>= 1.8.0)
    sawyer (0.8.2)
      addressable (>= 2.3.5)
      faraday (> 0.8, < 2.0)
    signet (0.8.1)
      addressable (~> 2.3)
      faraday (~> 0.9)
      jwt (>= 1.5, < 3.0)
      multi_json (~> 1.10)
    slack-api (1.6.1)
      faraday (~> 0.11)
      faraday_middleware (~> 0.10.0)
      faye-websocket (~> 0.10.6)
      multi_json (~> 1.0, >= 1.0.3)
    slack-notifier (2.3.2)
    slop (4.8.2)
    thor (0.19.4)
    thread_safe (0.3.6)
    twilio-ruby (5.10.5)
      faraday (~> 0.9)
      jwt (>= 1.5, <= 2.5)
      nokogiri (>= 1.6, < 2.0)
    tzinfo (1.2.9)
      thread_safe (~> 0.1)
    unf (0.1.4)
      unf_ext
    unf_ext (0.0.7.6)
    websocket (1.2.8)
    websocket-client-simple (0.3.0)
      event_emitter
      websocket
    websocket-driver (0.7.2)
      websocket-extensions (>= 0.1.0)
    websocket-extensions (0.1.5)
    xrc (0.1.8)
      activesupport

PLATFORMS
  ruby

DEPENDENCIES
  foreman
  google-api-client (= 0.8.6)
  google_drive
  googleauth
  ruboty
  ruboty-alias
  ruboty-balloon!
  ruboty-callng
  ruboty-cloudfront
  ruboty-cron
  ruboty-dictionary!
  ruboty-echo
  ruboty-esa!
  ruboty-github!
  ruboty-google_image
  ruboty-growthforecast!
  ruboty-health_check!
  ruboty-lgtm
  ruboty-misawa!
  ruboty-nullpo!
  ruboty-redash!
  ruboty-redis
  ruboty-replace
  ruboty-shinchoku!
  ruboty-slack_rtm
  ruboty-sorena!
  ruboty-timeline!
  ruboty-touban!
  ruboty-trello_cleaner!
  ruboty-wei!
  ruboty-yaminoma!
  ruboty-yasumimasu!
  ruboty-zoi!
  xrc

RUBY VERSION
   ruby 2.7.2p137

BUNDLED WITH
   2.2.11
