GIT
  remote: git://github.com/hidakatsuya/ruboty-dictionary.git
  revision: 5e9d63a4fdd5f64f8fb05d4c64bc7f4dcbd0bbdb
  specs:
    ruboty-dictionary (0.1.0)
      google_drive (~> 1.0.6)
      ruboty (>= 1.3.0)

GIT
  remote: git://github.com/hidakatsuya/ruboty-touban.git
  revision: 26fa2d5f937381b8f182dc7b8ba519359b631afe
  specs:
    ruboty-touban (0.1.0)
      google_drive (~> 1.0.6)
      ruboty (>= 1.3.0)

GIT
  remote: git://github.com/mallowlabs/ruboty-nullpo.git
  revision: 7e1b2c9dc31a9004be1d29ede439ee587401aef9
  specs:
    ruboty-nullpo (0.0.1)
      ruboty

GIT
  remote: git://github.com/mallowlabs/ruboty-zoi.git
  revision: 55c8b41c8ea3900be6c355dab9ed6f4515543547
  specs:
    ruboty-zoi (0.0.1)
      ruboty

GIT
  remote: git://github.com/mzp/disable-ssl.git
  revision: 37d754620e6832e98a1c92cfc214846303e7cbd3
  specs:
    disable-ssl (0.1.0)

GIT
  remote: git://github.com/mzp/ruboty-growthforecast.git
  revision: 6c021a2c3f5f87d7f948f2465c7723cde0c37fc3
  specs:
    ruboty-growthforecast (0.1.0)
      growthforecast
      ruboty

GIT
  remote: git://github.com/mzp/ruboty-misawa.git
  revision: 5b39a2f03fa13b45804f8415352c2eaa5732152d
  specs:
    ruboty-misawa (0.0.1)
      ruboty

GIT
  remote: git://github.com/mzp/ruboty-shinchoku.git
  revision: 26fbdafb65be8127154f6a81a6319d7ae7898ac2
  specs:
    ruboty-shinchoku (0.1.0)
      ruboty

GIT
  remote: git://github.com/mzp/ruboty-timeline.git
  revision: 717849c7c93675b13024a3cfd8c11efa5abf0f24
  specs:
    ruboty-timeline (0.1.0)
      ruboty
      slack-notifier

GIT
  remote: git://github.com/mzp/ruboty-trello_cleaner.git
  revision: 096fbd0f5bcc748f8683e95de7365fa22f36f37e
  specs:
    ruboty-trello_cleaner (0.1.0)
      activemodel (= 4.2.10)
      ruboty
      ruby-trello

GIT
  remote: git://github.com/mzp/ruboty-wei.git
  revision: 9bb8a244a6b16c641ce210001d94ca5c54e93c9c
  specs:
    ruboty-wei (0.0.1)
      ruboty

GIT
  remote: git://github.com/shimomura1004/ruboty-balloon.git
  revision: 988df2cab5e0120adb6afc35315da20fb94deab3
  specs:
    ruboty-balloon (0.0.1)
      ruboty

GIT
  remote: git://github.com/standfirm/ruboty-github.git
  revision: 570ff47912c49cd179e51e8c8ee4991f75a7607a
  specs:
    ruboty-github (0.1.0)
      activesupport
      octokit
      ruboty

GIT
  remote: git://github.com/standfirm/ruboty-health_check.git
  revision: fd2e2fbb3a82ccb169b7aa9753b7e17ce6a1b883
  specs:
    ruboty-health_check (0.0.1)
      ruboty

GIT
  remote: git://github.com/standfirm/ruboty-sorena.git
  revision: 8ced8973c8427e9f678dfe92aeaace6f9f2d4537
  specs:
    ruboty-sorena (0.0.2)
      dotenv
      ruboty

GIT
  remote: git://github.com/standfirm/ruboty-trello_quote.git
  revision: ac1588b0ea74b0aca9d4666099d0332d25f02d95
  specs:
    ruboty-trello_quote (0.0.1)
      ruboty
      ruby-trello

GIT
  remote: git://github.com/standfirm/ruboty-yaminoma.git
  revision: 2fed305eb604b6e6a1e90fbbe7bdafdd00d5825b
  specs:
    ruboty-yaminoma (0.1.7)
      dotenv
      pry
      ruboty
      ruboty-slack_rtm

GIT
  remote: git://github.com/standfirm/ruboty-yasumimasu.git
  revision: cc5018a398741b5c458def68c0b660e92ac1322e
  specs:
    ruboty-yasumimasu (0.1.0)
      dotenv
      google-api-client (~> 0.8.0)
      google_drive
      pry
      ruboty

GEM
  remote: https://rubygems.org/
  specs:
    activemodel (4.2.10)
      activesupport (= 4.2.10)
      builder (~> 3.1)
    activesupport (4.2.10)
      i18n (~> 0.7)
      minitest (~> 5.1)
      thread_safe (~> 0.3, >= 0.3.4)
      tzinfo (~> 1.1)
    addressable (2.5.2)
      public_suffix (>= 2.0.2, < 4.0)
    autoparse (0.3.3)
      addressable (>= 2.3.1)
      extlib (>= 0.9.15)
      multi_json (>= 1.0.0)
    builder (3.2.3)
    chrono (0.4.0)
      activesupport
    coderay (1.1.2)
    concurrent-ruby (1.1.4)
    domain_name (0.5.20180417)
      unf (>= 0.0.5, < 1.0.0)
    dotenv (2.6.0)
    event_emitter (0.2.6)
    eventmachine (1.2.7)
    extlib (0.9.16)
    faraday (0.15.4)
      multipart-post (>= 1.2, < 3)
    faraday_middleware (0.10.1)
      faraday (>= 0.7.4, < 1.0)
    faye-websocket (0.10.7)
      eventmachine (>= 0.12.0)
      websocket-driver (>= 0.5.1)
    foreman (0.85.0)
      thor (~> 0.19.1)
    google-api-client (0.8.6)
      activesupport (>= 3.2)
      addressable (~> 2.3)
      autoparse (~> 0.3)
      extlib (~> 0.9)
      faraday (~> 0.9)
      googleauth (~> 0.3)
      launchy (~> 2.4)
      multi_json (~> 1.10)
      retriable (~> 1.4)
      signet (~> 0.6)
    google_drive (1.0.6)
      google-api-client (>= 0.7.0, < 0.9)
      nokogiri (>= 1.4.4, != 1.5.2, != 1.5.1)
      oauth (>= 0.3.6)
      oauth2 (>= 0.5.0)
    googleauth (0.6.2)
      faraday (~> 0.12)
      jwt (>= 1.4, < 3.0)
      logging (~> 2.0)
      memoist (~> 0.12)
      multi_json (~> 1.11)
      os (~> 0.9)
      signet (~> 0.7)
    growthforecast (0.0.5)
      resolve-hostname
    http-cookie (1.0.3)
      domain_name (~> 0.5)
    httpauth (0.2.1)
    i18n (0.9.5)
      concurrent-ruby (~> 1.0)
    json (2.1.0)
    jwt (2.1.0)
    launchy (2.4.3)
      addressable (~> 2.3)
    little-plugger (1.1.4)
    logging (2.2.2)
      little-plugger (~> 1.1)
      multi_json (~> 1.10)
    mem (0.1.5)
    memoist (0.16.0)
    method_source (0.9.0)
    mime-types (3.1)
      mime-types-data (~> 3.2015)
    mime-types-data (3.2016.0521)
    mini_portile2 (2.4.0)
    minitest (5.11.3)
    multi_json (1.13.1)
    multipart-post (2.0.0)
    netrc (0.11.0)
    nokogiri (1.10.1)
      mini_portile2 (~> 2.4.0)
    oauth (0.5.4)
    oauth2 (0.7.1)
      faraday (~> 0.8)
      httpauth (~> 0.1)
      multi_json (~> 1.0)
      rack (~> 1.4)
    octokit (4.14.0)
      sawyer (~> 0.8.0, >= 0.5.3)
    os (0.9.6)
    pry (0.11.3)
      coderay (~> 1.1.0)
      method_source (~> 0.9.0)
    public_suffix (3.0.3)
    rack (1.6.11)
    redis (4.0.1)
    redis-namespace (1.6.0)
      redis (>= 3.0.4)
    resolve-hostname (0.1.0)
    rest-client (2.0.2)
      http-cookie (>= 1.0.2, < 2.0)
      mime-types (>= 1.16, < 4.0)
      netrc (~> 0.8)
    retriable (1.4.1)
    ruboty (1.3.0)
      activesupport
      bundler
      dotenv
      mem
      slop
    ruboty-alias (0.0.8)
      ruboty (>= 1.1.1)
    ruboty-callng (1.1.1)
      ruboty
      twilio-ruby
    ruboty-cron (1.1.0)
      activesupport
      chrono
      ruboty (>= 0.2.0)
    ruboty-echo (0.1.1)
      ruboty
    ruboty-google_image (0.1.0)
      faraday
      faraday_middleware
      ruboty
    ruboty-lgtm (0.0.3)
      faraday
      faraday_middleware
      ruboty
    ruboty-redis (0.0.6)
      redis
      redis-namespace
      ruboty
    ruboty-replace (0.0.1)
      ruboty
    ruboty-slack_rtm (3.1.0)
      faraday (~> 0.11)
      ruboty (>= 1.1.4)
      slack-api (~> 1.6)
      websocket-client-simple (~> 0.3.0)
    ruby-trello (2.0.1)
      activemodel (>= 3.2.0)
      addressable (~> 2.3)
      json
      oauth (>= 0.4.5)
      rest-client (>= 1.8.0)
    sawyer (0.8.2)
      addressable (>= 2.3.5)
      faraday (> 0.8, < 2.0)
    signet (0.8.1)
      addressable (~> 2.3)
      faraday (~> 0.9)
      jwt (>= 1.5, < 3.0)
      multi_json (~> 1.10)
    slack-api (1.6.1)
      faraday (~> 0.11)
      faraday_middleware (~> 0.10.0)
      faye-websocket (~> 0.10.6)
      multi_json (~> 1.0, >= 1.0.3)
    slack-notifier (2.3.2)
    slop (4.6.2)
    thor (0.19.4)
    thread_safe (0.3.6)
    twilio-ruby (5.10.5)
      faraday (~> 0.9)
      jwt (>= 1.5, <= 2.5)
      nokogiri (>= 1.6, < 2.0)
    tzinfo (1.2.5)
      thread_safe (~> 0.1)
    unf (0.1.4)
      unf_ext
    unf_ext (0.0.7.5)
    websocket (1.2.8)
    websocket-client-simple (0.3.0)
      event_emitter
      websocket
    websocket-driver (0.7.0)
      websocket-extensions (>= 0.1.0)
    websocket-extensions (0.1.3)
    xrc (0.1.8)
      activesupport

PLATFORMS
  ruby

DEPENDENCIES
  disable-ssl!
  foreman
  google-api-client (= 0.8.6)
  google_drive
  googleauth
  ruboty
  ruboty-alias
  ruboty-balloon!
  ruboty-callng
  ruboty-cron
  ruboty-dictionary!
  ruboty-echo
  ruboty-github!
  ruboty-google_image
  ruboty-growthforecast!
  ruboty-health_check!
  ruboty-lgtm
  ruboty-misawa!
  ruboty-nullpo!
  ruboty-redis
  ruboty-replace
  ruboty-shinchoku!
  ruboty-slack_rtm
  ruboty-sorena!
  ruboty-timeline!
  ruboty-touban!
  ruboty-trello_cleaner!
  ruboty-trello_quote!
  ruboty-wei!
  ruboty-yaminoma!
  ruboty-yasumimasu!
  ruboty-zoi!
  xrc

RUBY VERSION
   ruby 2.4.5p335

BUNDLED WITH
   2.0.1
